NUGET
  remote: https://www.nuget.org/api/v2
  specs:
    FAKE (4.3.7)
    Microsoft.CodeAnalysis.Analyzers (1.0.0)
    Microsoft.CodeAnalysis.Common (1.0.0)
      Microsoft.CodeAnalysis.Analyzers (1.0.0)
      System.Collections.Immutable (>= 1.1.36)
      System.Reflection.Metadata (>= 1.0.21)
    Microsoft.CodeAnalysis.CSharp (1.0.0)
      Microsoft.CodeAnalysis.Common (1.0.0)
    Microsoft.CodeAnalysis.CSharp.Workspaces (1.0.0)
      Microsoft.CodeAnalysis.CSharp (1.0.0)
      Microsoft.CodeAnalysis.Workspaces.Common (1.0.0)
    Microsoft.CodeAnalysis.VisualBasic (1.0.0) - framework: >= net452
      Microsoft.CodeAnalysis.Common (>= 1.0.0)
    Microsoft.CodeAnalysis.VisualBasic.Workspaces (1.0.0) - framework: >= net452
      Microsoft.CodeAnalysis.VisualBasic (1.0.0)
      Microsoft.CodeAnalysis.Workspaces.Common (1.0.0)
    Microsoft.CodeAnalysis.Workspaces.Common (1.0.0)
      Microsoft.CodeAnalysis.Common (1.0.0)
      Microsoft.Composition (>= 1.0.27)
    Microsoft.Composition (1.0.27)
    NFluent (1.3.1.0) - framework: >= net452
    NuGet.CommandLine (2.8.5) - framework: >= net452
    protobuf-net (2.0.0.668) - framework: >= net452
    System.Collections.Immutable (1.1.36)
    System.Reflection.Metadata (1.0.21)
      System.Collections.Immutable (>= 1.1.36)
    xunit (2.0.0) - framework: >= net452
      xunit.assert (2.0.0)
      xunit.core (2.0.0)
    xunit.abstractions (2.0.0) - framework: >= net452
    xunit.assert (2.0.0) - framework: >= net452
    xunit.core (2.0.0) - framework: >= net452
      xunit.extensibility.core (2.0.0)
    xunit.extensibility.core (2.0.0) - framework: >= net452
      xunit.abstractions (2.0.0)
    xunit.runner.console (2.0.0) - framework: >= net452
